GEM
  remote: https://rubygems.org/
  specs:
    faraday (0.15.4)
      multipart-post (>= 1.2, < 3)
    methadone (2.0.2)
      bundler
    multipart-post (2.0.0)

PLATFORMS
  ruby

DEPENDENCIES
  faraday
  methadone

BUNDLED WITH
   1.17.3
